PATH
  remote: .
  specs:
    active_scaffold_vho (4.0.0)
      kaminari
      rails (~> 4.0.0)

GEM
  remote: http://rubygems.org/
  specs:
    actionmailer (4.0.13)
      actionpack (= 4.0.13)
      mail (~> 2.5, >= 2.5.4)
    actionpack (4.0.13)
      activesupport (= 4.0.13)
      builder (~> 3.1.0)
      erubis (~> 2.7.0)
      rack (~> 1.5.2)
      rack-test (~> 0.6.2)
    activemodel (4.0.13)
      activesupport (= 4.0.13)
      builder (~> 3.1.0)
    activerecord (4.0.13)
      activemodel (= 4.0.13)
      activerecord-deprecated_finders (~> 1.0.2)
      activesupport (= 4.0.13)
      arel (~> 4.0.0)
    activerecord-deprecated_finders (1.0.4)
    activesupport (4.0.13)
      i18n (~> 0.6, >= 0.6.9)
      minitest (~> 4.2)
      multi_json (~> 1.3)
      thread_safe (~> 0.1)
      tzinfo (~> 0.3.37)
    arel (4.0.2)
    builder (3.1.4)
    concurrent-ruby (1.0.2)
    docile (1.1.5)
    erubis (2.7.0)
    i18n (0.7.0)
    kaminari (0.17.0)
      actionpack (>= 3.0.0)
      activesupport (>= 3.0.0)
    mail (2.6.4)
      mime-types (>= 1.16, < 4)
    mime-types (3.1)
      mime-types-data (~> 3.2015)
    mime-types-data (3.2016.0521)
    minitest (4.7.5)
    multi_json (1.12.1)
    rack (1.5.5)
    rack-test (0.6.3)
      rack (>= 1.0)
    rails (4.0.13)
      actionmailer (= 4.0.13)
      actionpack (= 4.0.13)
      activerecord (= 4.0.13)
      activesupport (= 4.0.13)
      bundler (>= 1.3.0, < 2.0)
      railties (= 4.0.13)
      sprockets-rails (~> 2.0)
    railties (4.0.13)
      actionpack (= 4.0.13)
      activesupport (= 4.0.13)
      rake (>= 0.8.7)
      thor (>= 0.18.1, < 2.0)
    rake (11.2.2)
    shoulda (3.5.0)
      shoulda-context (~> 1.0, >= 1.0.1)
      shoulda-matchers (>= 1.4.1, < 3.0)
    shoulda-context (1.2.1)
    shoulda-matchers (2.8.0)
      activesupport (>= 3.0.0)
    simplecov (0.9.2)
      docile (~> 1.1.0)
      multi_json (~> 1.0)
      simplecov-html (~> 0.9.0)
    simplecov-html (0.9.0)
    sprockets (3.7.0)
      concurrent-ruby (~> 1.0)
      rack (> 1, < 3)
    sprockets-rails (2.3.3)
      actionpack (>= 3.0)
      activesupport (>= 3.0)
      sprockets (>= 2.8, < 4.0)
    thor (0.19.1)
    thread_safe (0.3.5)
    tzinfo (0.3.51)

PLATFORMS
  ruby

DEPENDENCIES
  active_scaffold_vho!
  bundler (>= 1.0.0)
  shoulda
  simplecov (~> 0.9.0)

BUNDLED WITH
   1.12.5
